GEM
  remote: http://rubygems.org/
  specs:
    activesupport (4.1.1)
      i18n (~> 0.6, >= 0.6.9)
      json (~> 1.7, >= 1.7.7)
      minitest (~> 5.1)
      thread_safe (~> 0.1)
      tzinfo (~> 1.1)
    addressable (2.3.6)
    builder (3.2.2)
    descendants_tracker (0.0.4)
      thread_safe (~> 0.3, >= 0.3.1)
    docile (1.1.3)
    domain_name (0.5.18)
      unf (>= 0.0.5, < 1.0.0)
    faraday (0.9.0)
      multipart-post (>= 1.2, < 3)
    git (1.2.6)
    github_api (0.11.3)
      addressable (~> 2.3)
      descendants_tracker (~> 0.0.1)
      faraday (~> 0.8, < 0.10)
      hashie (>= 1.2)
      multi_json (>= 1.7.5, < 2.0)
      nokogiri (~> 1.6.0)
      oauth2
    hashie (2.1.1)
    highline (1.6.21)
    http-cookie (1.0.2)
      domain_name (~> 0.5)
    httparty (0.13.1)
      json (~> 1.8)
      multi_xml (>= 0.5.2)
    i18n (0.6.9)
    jeweler (2.0.1)
      builder
      bundler (>= 1.0)
      git (>= 1.2.5)
      github_api
      highline (>= 1.6.15)
      nokogiri (>= 1.5.10)
      rake
      rdoc
    json (1.8.1)
    jwt (1.0.0)
    mechanize (2.7.3)
      domain_name (~> 0.5, >= 0.5.1)
      http-cookie (~> 1.0)
      mime-types (~> 2.0)
      net-http-digest_auth (~> 1.1, >= 1.1.1)
      net-http-persistent (~> 2.5, >= 2.5.2)
      nokogiri (~> 1.4)
      ntlm-http (~> 0.1, >= 0.1.1)
      webrobots (>= 0.0.9, < 0.2)
    mime-types (2.3)
    mini_portile (0.6.0)
    minitest (5.3.4)
    multi_json (1.10.1)
    multi_xml (0.5.5)
    multipart-post (2.0.0)
    net-http-digest_auth (1.4)
    net-http-persistent (2.9.4)
    nokogiri (1.6.2.1)
      mini_portile (= 0.6.0)
    ntlm-http (0.1.1)
    oauth2 (0.9.4)
      faraday (>= 0.8, < 0.10)
      jwt (~> 1.0)
      multi_json (~> 1.3)
      multi_xml (~> 0.5)
      rack (~> 1.2)
    rack (1.5.2)
    rake (10.3.2)
    rdoc (3.12.2)
      json (~> 1.4)
    shoulda (3.5.0)
      shoulda-context (~> 1.0, >= 1.0.1)
      shoulda-matchers (>= 1.4.1, < 3.0)
    shoulda-context (1.2.1)
    shoulda-matchers (2.6.1)
      activesupport (>= 3.0.0)
    simplecov (0.8.2)
      docile (~> 1.1.0)
      multi_json
      simplecov-html (~> 0.8.0)
    simplecov-html (0.8.0)
    thread_safe (0.3.4)
    tzinfo (1.2.1)
      thread_safe (~> 0.1)
    unf (0.1.4)
      unf_ext
    unf_ext (0.0.6)
    webrobots (0.1.1)

PLATFORMS
  ruby

DEPENDENCIES
  activesupport (~> 4.1)
  bundler (~> 1.6)
  httparty (~> 0.13)
  jeweler (~> 2.0)
  mechanize (~> 2.7)
  nokogiri (~> 1.6)
  rdoc (~> 3.12)
  shoulda (~> 3.5)
  simplecov (~> 0.8)
